GEM
  remote: https://rubygems.org/
  specs:
    ast (2.4.2)
    parser (3.3.1.0)
      ast (~> 2.4.1)
      racc
    racc (1.8.0)
    rubocop-ast (1.31.3)
      parser (>= 3.3.1.0)

PLATFORMS
  arm64-darwin-23

DEPENDENCIES
  rubocop-ast (~> 1.31.3)

BUNDLED WITH
   2.4.10
